GEM
  remote: https://rubygems.org/
  specs:
    activesupport (5.2.4.3)
      concurrent-ruby (~> 1.0, >= 1.0.2)
      i18n (>= 0.7, < 2)
      minitest (~> 5.1)
      tzinfo (~> 1.1)
    archive-zip (0.11.0)
      io-like (~> 0.3.0)
    awesome_print (1.8.0)
    childprocess (0.9.0)
      ffi (~> 1.0, >= 1.0.11)
    chromedriver-helper (1.2.0)
      archive-zip (~> 0.10)
      nokogiri (~> 1.8)
    concurrent-ruby (1.1.6)
    ffi (1.10.0)
    i18n (1.8.2)
      concurrent-ruby (~> 1.0)
    io-like (0.3.0)
    lightly (0.3.2)
    mini_portile2 (2.4.0)
    minitest (5.14.1)
    nokogiri (1.10.4)
      mini_portile2 (~> 2.4.0)
    plural (0.1.0)
    rake (12.3.2)
    rubyzip (1.3.0)
    selenium-webdriver (3.11.0)
      childprocess (~> 0.5)
      rubyzip (~> 1.2)
    thread_safe (0.3.6)
    tzinfo (1.2.7)
      thread_safe (~> 0.1)
    watir (6.10.3)
      selenium-webdriver (~> 3.4, >= 3.4.1)

PLATFORMS
  ruby

DEPENDENCIES
  activesupport
  awesome_print
  chromedriver-helper
  lightly
  nokogiri
  plural
  rake
  rubyzip (>= 1.2.2)
  watir

BUNDLED WITH
   2.0.2
